GEM
  remote: http://rubygems.org/
  specs:
    diff-lcs (1.1.3)
    heller (0.0.3-java)
      kafka-jars (~> 0.7.2.2)
    kafka-jars (0.7.2.2-java)
      scala-library-jars (~> 2.8.2)
    rspec (2.11.0)
      rspec-core (~> 2.11.0)
      rspec-expectations (~> 2.11.0)
      rspec-mocks (~> 2.11.0)
    rspec-core (2.11.1)
    rspec-expectations (2.11.3)
      diff-lcs (~> 1.1.3)
    rspec-mocks (2.11.3)
    scala-library-jars (2.8.2-java)

PLATFORMS
  java
  ruby

DEPENDENCIES
  heller
  rspec
